GEM
  remote: http://rubygems.org/
  specs:
    chunky_png (1.2.5)
    perftools.rb (0.5.6)

PLATFORMS
  ruby

DEPENDENCIES
  chunky_png
  perftools.rb
